PATH
  remote: .
  specs:
    rails_critical_css (0.3.1)

GEM
  remote: https://rubygems.org/
  specs:

PLATFORMS
  x86_64-linux

DEPENDENCIES
  rails_critical_css!

BUNDLED WITH
   2.2.21
