PATH
  remote: .
  specs:
    rails_critical_css (0.4.0)

GEM
  remote: https://rubygems.org/
  specs:
    open3 (0.1.0)

PLATFORMS
  x86_64-linux

DEPENDENCIES
  open3
  rails_critical_css!

BUNDLED WITH
   2.2.21
